GEM
  remote: https://rubygems.org/
  specs:
    json (2.6.3)
    terminal-table (3.0.2)
      unicode-display_width (>= 1.1.1, < 3)
    unicode-display_width (2.4.2)

PLATFORMS
  ruby
  x86_64-linux

DEPENDENCIES
  json
  terminal-table

RUBY VERSION
   ruby 3.2.2p53

BUNDLED WITH
   2.5.11
